GEM
  remote: https://rubygems.org/
  specs:
    dalli (2.7.10)
    google-protobuf (3.12.4)
    googleapis-common-protos-types (1.0.5)
      google-protobuf (~> 3.11)
    grpc (1.30.2)
      google-protobuf (~> 3.12)
      googleapis-common-protos-types (~> 1.0)
    grpc-tools (1.30.2)
    minitest (5.11.3)

PLATFORMS
  ruby

DEPENDENCIES
  dalli
  grpc
  grpc-tools
  minitest

BUNDLED WITH
   2.1.4
